PATH
  remote: .
  specs:
    mock_plugin (0)
      corvid

PATH
  remote: ../../../..
  specs:
    corvid (0.0.1)
      activesupport
      golly-utils
      thor (~> 0.14.6)

GEM
  specs:
    activesupport (3.2.6)
      i18n (~> 0.6)
      multi_json (~> 1.0)
    golly-utils (0.0.1)
    i18n (0.6.0)
    multi_json (1.3.6)
    thor (0.14.6)

PLATFORMS
  ruby

DEPENDENCIES
  corvid!
  mock_plugin!
