GIT
  remote: git://github.com/japgolly/golly-utils.git
  revision: 05de345168825dec83f03866aeb9065bf249a422
  specs:
    golly-utils (0.1.0)

PATH
  remote: .
  specs:
    mock_plugin (0)
      corvid

PATH
  remote: ../../../..
  specs:
    corvid (0.0.1)
      activesupport
      golly-utils
      thor

GEM
  specs:
    activesupport (3.2.7)
      i18n (~> 0.6)
      multi_json (~> 1.0)
    i18n (0.6.0)
    multi_json (1.3.6)
    thor (0.15.4)

PLATFORMS
  java
  ruby

DEPENDENCIES
  corvid!
  golly-utils!
  mock_plugin!
