GIT
  remote: git://github.com/japgolly/golly-utils.git
  revision: 53c7af78d38ee2d4a464e13bd04501fdd72fdc08
  specs:
    golly-utils (0.1.0)

GIT
  remote: git://github.com/japgolly/yard.git
  revision: 9e86df2a9c14412bd5c4b05005137e776b703129
  branch: happy_days
  specs:
    yard (0.8.2.1)

PATH
  remote: ../../..
  specs:
    corvid (0.0.1)
      activesupport
      golly-utils
      thor

GEM
  specs:
    activesupport (3.2.7)
      i18n (~> 0.6)
      multi_json (~> 1.0)
    columnize (0.3.6)
    debugger (1.2.0)
      columnize (>= 0.3.1)
      debugger-linecache (~> 1.1.1)
      debugger-ruby_core_source (~> 1.1.3)
    debugger-linecache (1.1.2)
      debugger-ruby_core_source (>= 1.1.1)
    debugger-ruby_core_source (1.1.3)
    i18n (0.6.0)
    multi_json (1.3.6)
    rake (0.9.2.2)
    thor (0.15.4)

PLATFORMS
  ruby

DEPENDENCIES
  corvid!
  debugger
  golly-utils!
  rake
  yard!
