PATH
  remote: ../../..
  specs:
    raven (0.0.1)

GEM
  specs:

PLATFORMS
  ruby

DEPENDENCIES
  raven!
