PATH
  remote: ../../..
  specs:
    corvid (0.0.1)

GEM
  specs:

PLATFORMS
  ruby

DEPENDENCIES
  corvid!
