GIT
  remote: git://github.com/japgolly/golly-utils.git
  revision: 379cde71fb7a735face692bf175466b5264e37cd
  specs:
    golly-utils (0.1.0)

PATH
  remote: .
  specs:
    corvid (0.0.1)
      activesupport
      golly-utils
      thor (~> 0.14.6)

GEM
  remote: http://rubygems.org/
  specs:
    activesupport (3.2.6)
      i18n (~> 0.6)
      multi_json (~> 1.0)
    builder (3.0.0)
    ci_reporter (1.7.0)
      builder (>= 2.1.2)
    diff-lcs (1.1.3)
    ffi (1.1.0)
    ffi (1.1.0-java)
    guard (1.2.3)
      listen (>= 0.4.2)
      thor (>= 0.14.6)
    guard-rspec (1.2.0)
      guard (>= 1.1)
    i18n (0.6.0)
    kramdown (0.13.7)
    listen (0.4.7)
      rb-fchange (~> 0.0.5)
      rb-fsevent (~> 0.9.1)
      rb-inotify (~> 0.8.8)
    multi_json (1.3.6)
    rake (0.9.2.2)
    rb-fchange (0.0.5)
      ffi
    rb-fsevent (0.9.1)
    rb-inotify (0.8.8)
      ffi (>= 0.5.0)
    rdiscount (1.6.8)
    rspec (2.10.0)
      rspec-core (~> 2.10.0)
      rspec-expectations (~> 2.10.0)
      rspec-mocks (~> 2.10.0)
    rspec-core (2.10.1)
    rspec-expectations (2.10.0)
      diff-lcs (~> 1.1.3)
    rspec-mocks (2.10.1)
    simplecov (0.6.4)
      multi_json (~> 1.0)
      simplecov-html (~> 0.5.3)
    simplecov-html (0.5.3)
    thor (0.14.6)
    yard (0.8.2.1)

PLATFORMS
  java
  ruby

DEPENDENCIES
  ci_reporter
  corvid!
  golly-utils!
  guard-rspec
  kramdown
  rake
  rdiscount
  rspec
  simplecov
  yard
