PATH
  remote: ../../..
  specs:
    corvid (0.0.1)
      activesupport
      golly-utils
      thor (~> 0.14.6)

PATH
  remote: mock_plugin
  specs:
    mock_plugin (0)
      corvid

GEM
  specs:
    activesupport (3.2.6)
      i18n (~> 0.6)
      multi_json (~> 1.0)
    golly-utils (0.0.1)
    i18n (0.6.0)
    multi_json (1.3.6)
    rake (0.9.2.2)
    thor (0.14.6)
    yard (0.8.2.1)

PLATFORMS
  ruby

DEPENDENCIES
  corvid!
  mock_plugin!
  rake
  yard
