GIT
  remote: git://github.com/japgolly/golly-utils.git
  revision: 1ab5e8336370330f47d35beedcd3963f1ec7a5aa
  specs:
    golly-utils (0.0.1)

PATH
  remote: ../../..
  specs:
    corvid (0.0.1)
      activesupport
      golly-utils
      thor (~> 0.14.6)

PATH
  remote: mock_plugin
  specs:
    mock_plugin (0)
      corvid

GEM
  specs:
    activesupport (3.2.6)
      i18n (~> 0.6)
      multi_json (~> 1.0)
    columnize (0.3.6)
    debugger (1.1.4)
      columnize (>= 0.3.1)
      debugger-linecache (~> 1.1.1)
      debugger-ruby_core_source (~> 1.1.3)
    debugger-linecache (1.1.2)
      debugger-ruby_core_source (>= 1.1.1)
    debugger-ruby_core_source (1.1.3)
    i18n (0.6.0)
    multi_json (1.3.6)
    rake (0.9.2.2)
    thor (0.14.6)
    yard (0.8.2.1)

PLATFORMS
  ruby

DEPENDENCIES
  corvid!
  debugger
  golly-utils!
  mock_plugin!
  rake
  yard
