GIT
  remote: git://github.com/japgolly/golly-utils.git
  revision: 05de345168825dec83f03866aeb9065bf249a422
  specs:
    golly-utils (0.1.0)

GIT
  remote: git://github.com/japgolly/yard.git
  revision: 9e86df2a9c14412bd5c4b05005137e776b703129
  branch: happy_days
  specs:
    yard (0.8.2.1)

PATH
  remote: ../../..
  specs:
    corvid (0.0.1)
      activesupport
      golly-utils
      thor

PATH
  remote: mock_plugin
  specs:
    mock_plugin (0)
      corvid

GEM
  specs:
    activesupport (3.2.7)
      i18n (~> 0.6)
      multi_json (~> 1.0)
    i18n (0.6.0)
    multi_json (1.3.6)
    rake (0.9.2.2)
    thor (0.15.4)

PLATFORMS
  java
  ruby

DEPENDENCIES
  corvid!
  golly-utils!
  mock_plugin!
  rake
  yard!
