GIT
  remote: git://github.com/japgolly/golly-utils.git
  revision: 53c7af78d38ee2d4a464e13bd04501fdd72fdc08
  specs:
    golly-utils (0.1.0)

PATH
  remote: ../../..
  specs:
    corvid (0.0.1)
      activesupport
      golly-utils
      thor

PATH
  remote: mock_plugin
  specs:
    mock_plugin (0)
      corvid

GEM
  specs:
    activesupport (3.2.7)
      i18n (~> 0.6)
      multi_json (~> 1.0)
    i18n (0.6.0)
    multi_json (1.3.6)
    rake (0.9.2.2)
    thor (0.15.4)
    yard (0.8.2.1)

PLATFORMS
  java
  ruby

DEPENDENCIES
  corvid!
  golly-utils!
  mock_plugin!
  rake
  yard
