GIT
  remote: git://github.com/japgolly/golly-utils.git
  revision: 32f13aec3d5db784b38a696dd15bbce7343a35d5
  specs:
    golly-utils (0.6.1)

PATH
  remote: .
  specs:
    client_project (0.0.1)
      corvid

PATH
  remote: ../../../..
  specs:
    corvid (0.0.1)
      activesupport
      golly-utils
      thor (~> 0.15.4)

PATH
  remote: ../plugin_project
  specs:
    plugin_project (0.0.1)
      corvid

GEM
  remote: http://rubygems.org/
  specs:
    activesupport (3.2.8)
      i18n (~> 0.6)
      multi_json (~> 1.0)
    columnize (0.3.6)
    debugger (1.2.0)
      columnize (>= 0.3.1)
      debugger-linecache (~> 1.1.1)
      debugger-ruby_core_source (~> 1.1.3)
    debugger-linecache (1.1.2)
      debugger-ruby_core_source (>= 1.1.1)
    debugger-ruby_core_source (1.1.3)
    i18n (0.6.1)
    multi_json (1.3.6)
    rake (0.9.2.2)
    rdiscount (1.6.8)
    thor (0.15.4)
    yard (0.8.2.1)

PLATFORMS
  ruby

DEPENDENCIES
  client_project!
  corvid!
  debugger
  golly-utils!
  kramdown
  plugin_project!
  rake
  rdiscount
  yard
