GIT
  remote: git://github.com/japgolly/golly-utils.git
  revision: 6ba2496195c4912054641e2b822fc625545458e6
  specs:
    golly-utils (0.6.1)

PATH
  remote: .
  specs:
    client_project (0.0.1)
      corvid

PATH
  remote: ../../../..
  specs:
    corvid (0.0.1)
      activesupport
      golly-utils
      thor (~> 0.15.4)

PATH
  remote: ../plugin_project
  specs:
    plugin_project (0.0.1)
      corvid

GEM
  remote: http://rubygems.org/
  specs:
    activesupport (3.2.8)
      i18n (~> 0.6)
      multi_json (~> 1.0)
    i18n (0.6.1)
    kramdown (0.14.0)
    multi_json (1.3.6)
    rake (0.9.2.2)
    rdiscount (1.6.8)
    thor (0.15.4)
    yard (0.8.2.1)

PLATFORMS
  java
  ruby

DEPENDENCIES
  client_project!
  corvid!
  golly-utils!
  kramdown
  plugin_project!
  rake
  rdiscount
  yard
